GEM
  remote: https://rubygems.org/
  specs:
    addressable (2.7.0)
      public_suffix (>= 2.0.2, < 5.0)
    adsf (1.4.3)
      rack (>= 1.0.0, < 3.0.0)
    awesome_print (1.8.0)
    cri (2.15.10)
    curb (0.9.10)
    curl (0.0.9)
      awesome_print (>= 0.2.1)
      unidecoder (>= 1.1.1)
    ethon (0.12.0)
      ffi (>= 1.3.0)
    ffi (1.13.0)
    html-proofer (3.15.3)
      addressable (~> 2.3)
      mercenary (~> 0.3)
      nokogumbo (~> 2.0)
      parallel (~> 1.3)
      rainbow (~> 3.0)
      typhoeus (~> 1.3)
      yell (~> 2.0)
    json (2.3.0)
    kramdown (2.2.1)
      rexml
    listen (3.2.1)
      rb-fsevent (~> 0.10, >= 0.10.3)
      rb-inotify (~> 0.9, >= 0.9.10)
    mercenary (0.4.0)
    mime-types (3.3.1)
      mime-types-data (~> 3.2015)
    mime-types-data (3.2020.0512)
    mini_portile2 (2.4.0)
    nanoc (3.8.0)
      cri (~> 2.3)
    nokogiri (1.10.9)
      mini_portile2 (~> 2.4.0)
    nokogumbo (2.0.2)
      nokogiri (~> 1.8, >= 1.8.4)
    parallel (1.19.1)
    public_suffix (4.0.5)
    rack (2.2.2)
    rainbow (3.0.0)
    rake (13.0.1)
    rb-fsevent (0.10.4)
    rb-inotify (0.10.1)
      ffi (~> 1.0)
    rexml (3.2.4)
    typhoeus (1.4.0)
      ethon (>= 0.9.0)
    unidecoder (1.1.2)
    yell (2.2.2)

PLATFORMS
  ruby

DEPENDENCIES
  adsf
  curb
  curl
  html-proofer
  json
  kramdown
  listen
  mime-types
  nanoc (~> 3.8.0)
  nokogiri
  rake
  rb-fsevent (~> 0.9)

RUBY VERSION
   ruby 2.7.1p83

BUNDLED WITH
   1.17.3
